GEM
  remote: https://rubygems.org/
  specs:
    faraday (2.4.0)
      faraday-net_http (~> 2.0)
      ruby2_keywords (>= 0.0.4)
    faraday-net_http (2.1.0)
    jwt (2.4.1)
    multi_json (1.15.0)
    multi_xml (0.6.0)
    mustermann (2.0.2)
      ruby2_keywords (~> 0.0.1)
    oauth2 (1.4.10)
      faraday (>= 0.17.3, < 3.0)
      jwt (>= 1.0, < 3.0)
      multi_json (~> 1.3)
      multi_xml (~> 0.5)
      rack (>= 1.2, < 3)
    rack (2.2.3)
    rack-protection (2.2.4)
      rack
    recursive-open-struct (1.1.3)
    ruby2_keywords (0.0.5)
    sinatra (2.2.4)
      mustermann (~> 2.0)
      rack (~> 2.2)
      rack-protection (= 2.2.4)
      tilt (~> 2.0)
    smartcar (3.8.0)
      oauth2 (~> 1.4)
      recursive-open-struct (~> 1.1.3)
    tilt (2.1.0)

PLATFORMS
  ruby

DEPENDENCIES
  sinatra (>= 2.2.3)
  smartcar (>= 3.8.0)

BUNDLED WITH
   2.1.2
